GEM
  remote: http://rubygems.org/
  specs:
    bson (4.2.1)
    diff-lcs (1.3)
    git (1.2.5)
    jeweler (1.6.4)
      bundler (~> 1.0)
      git (>= 1.2.5)
      rake
    linguistics (1.0.9)
    mongo (2.4.1)
      bson (>= 4.2.1, < 5.0.0)
    rake (0.9.2.2)
    rspec (2.99.0)
      rspec-core (~> 2.99.0)
      rspec-expectations (~> 2.99.0)
      rspec-mocks (~> 2.99.0)
    rspec-core (2.99.2)
    rspec-expectations (2.99.2)
      diff-lcs (>= 1.1.3, < 2.0)
    rspec-mocks (2.99.4)
    yard (0.9.8)

PLATFORMS
  ruby

DEPENDENCIES
  bundler (~> 1.14)
  jeweler (~> 1.6)
  linguistics (~> 1.0)
  mongo (~> 2.4)
  rspec (~> 2.14)
  yard (~> 0.9)

BUNDLED WITH
   1.14.6
